GEM
  remote: https://rubygems.org/
  specs:
    mini_portile2 (2.8.7)
    nokogiri (1.16.6)
      mini_portile2 (~> 2.8.2)
      racc (~> 1.4)
    racc (1.8.0)

PLATFORMS
  ruby

DEPENDENCIES
  nokogiri

BUNDLED WITH
   2.2.5
